{
    "AcquisitionMatrixPE": 88,
    "AcquisitionNumber": 1,
    "AcquisitionTime": "10:25:43.270000",
    "BaseResolution": 88,
    "BodyPartExamined": "BRAIN",
    "ConsistencyInfo": "N4_VE11C_LATEST_20160120",
    "ConversionSoftware": "dcm2niix",
    "ConversionSoftwareVersion": "v1.0.20190902",
    "DeviceSerialNumber": "67050",
    "DwellTime": 9.5e-06,
    "EchoNumber": 2,
    "EchoTime": 0.00738,
    "EchoTime1": 0.00492,
    "EchoTime2": 0.00738,
    "FlipAngle": 60,
    "ImageOrientationPatientDICOM": [
        0.993722,
        0.0610406,
        0.0937598,
        -0.0526005,
        0.994552,
        -0.0899935
    ],
    "ImageType": [
        "ORIGINAL",
        "PRIMARY",
        "P",
        "ND"
    ],
    "ImagingFrequency": 123.251,
    "InPlanePhaseEncodingDirectionDICOM": "COL",
    "InstitutionAddress": "Olive_Street_60_Providence_RI_US_02912",
    "InstitutionName": "BROWN_UNIVERSITY_MRF",
    "InstitutionalDepartmentName": "Department",
    "IntendedFor": [
        "ses-01/func/sub-8009_ses-01_task-RDMmotion_run-03_bold.nii.gz",
        "ses-01/func/sub-8009_ses-01_task-RDMcolor_run-06_bold.nii.gz",
        "ses-01/func/sub-8009_ses-01_task-RDMmotion_run-05_bold.nii.gz",
        "ses-01/func/sub-8009_ses-01_task-RDMmotion_run-04_bold.nii.gz",
        "ses-01/func/sub-8009_ses-01_task-RDMcolor_run-04_bold.nii.gz",
        "ses-01/func/sub-8009_ses-01_task-RDMmotion_run-06_bold.nii.gz",
        "ses-01/func/sub-8009_ses-01_task-RDMlocalizer_run-02_bold.nii.gz",
        "ses-01/func/sub-8009_ses-01_task-RDMcolor_run-03_bold.nii.gz",
        "ses-01/func/sub-8009_ses-01_task-RDMcolor_run-01_bold.nii.gz",
        "ses-01/func/sub-8009_ses-01_task-RDMmotion_run-01_bold.nii.gz",
        "ses-01/func/sub-8009_ses-01_task-RDMlocalizer_run-01_bold.nii.gz",
        "ses-01/func/sub-8009_ses-01_task-RDMmotion_run-02_bold.nii.gz",
        "ses-01/func/sub-8009_ses-01_task-RDMcolor_run-05_bold.nii.gz",
        "ses-01/func/sub-8009_ses-01_task-RDMcolor_run-02_bold.nii.gz"
    ],
    "MRAcquisitionType": "2D",
    "MagneticFieldStrength": 3,
    "Manufacturer": "Siemens",
    "ManufacturersModelName": "Prisma_fit",
    "Modality": "MR",
    "PartialFourier": 1,
    "PatientPosition": "HFS",
    "PercentPhaseFOV": 100,
    "PhaseEncodingDirection": "j-",
    "PhaseEncodingSteps": 88,
    "PhaseResolution": 1,
    "PixelBandwidth": 600,
    "ProcedureStepDescription": "ASHENHAV_1222",
    "ProtocolName": "fmap_acq-greAP",
    "PulseSequenceDetails": "%SiemensSeq%_gre_field_mapping",
    "ReceiveCoilActiveElements": "HC1-7",
    "ReceiveCoilName": "HeadNeck_64",
    "ReconMatrixPE": 88,
    "RepetitionTime": 0.588,
    "SAR": 0.117533,
    "ScanningSequence": "GR",
    "SequenceName": "_fm2d2r",
    "SequenceVariant": "SP",
    "SeriesDescription": "fmap_acq-greAP",
    "SeriesNumber": 22,
    "ShimSetting": [
        1762,
        -9072,
        4373,
        250,
        -125,
        -186,
        -82,
        -40
    ],
    "SliceThickness": 2.4,
    "SliceTiming": [
        0.29688,
        0,
        0.30469,
        0.00781,
        0.3125,
        0.01562,
        0.32031,
        0.03125,
        0.33594,
        0.03906,
        0.34375,
        0.04688,
        0.35156,
        0.05469,
        0.35938,
        0.07031,
        0.36719,
        0.07812,
        0.38281,
        0.08594,
        0.39062,
        0.10156,
        0.39844,
        0.10938,
        0.41406,
        0.11719,
        0.42188,
        0.125,
        0.42969,
        0.13281,
        0.4375,
        0.14844,
        0.45312,
        0.15625,
        0.46094,
        0.16406,
        0.46875,
        0.17969,
        0.47656,
        0.1875,
        0.49219,
        0.19531,
        0.5,
        0.20312,
        0.50781,
        0.21875,
        0.51562,
        0.22656,
        0.53125,
        0.23438,
        0.53906,
        0.24219,
        0.54688,
        0.25,
        0.55469,
        0.26562,
        0.57031,
        0.27344,
        0.57812,
        0.28125
    ],
    "SoftwareVersions": "syngo_MR_E11",
    "SpacingBetweenSlices": 2.4,
    "StationName": "AWP67050",
    "TxRefAmp": 231.45,
    "dcmmeta_affine": [
        [
            -2.382673978805542,
            -0.1261216253042221,
            0.23698139190673828,
            105.56727600097656
        ],
        [
            -0.14635859429836273,
            2.3846652507781982,
            -0.20279204845428467,
            -86.26941680908203
        ],
        [
            0.2248103767633438,
            0.2157798707485199,
            2.3796463012695312,
            -83.8859634399414
        ],
        [
            0.0,
            0.0,
            0.0,
            1.0
        ]
    ],
    "dcmmeta_reorient_transform": [
        [
            0.0,
            -1.0,
            0.0,
            87.0
        ],
        [
            1.0,
            0.0,
            0.0,
            0.0
        ],
        [
            0.0,
            0.0,
            -1.0,
            59.0
        ],
        [
            0.0,
            0.0,
            0.0,
            1.0
        ]
    ],
    "dcmmeta_shape": [
        88,
        88,
        60
    ],
    "dcmmeta_slice_dim": 2,
    "dcmmeta_version": 0.6,
    "global": {
        "const": {
            "AcquisitionMatrix": [
                88,
                0,
                0,
                88
            ],
            "AcquisitionNumber": 1,
            "AngioFlag": "N",
            "BitsAllocated": 16,
            "BitsStored": 12,
            "BodyPartExamined": "BRAIN",
            "Columns": 88,
            "DeidentificationMethodCodeSequence": [
                {
                    "CodeMeaning": "XNAT DicomEdit 6 Script",
                    "CodeValue": "3",
                    "CodingSchemeDesignator": "XNAT",
                    "CodingSchemeVersion": "1.0"
                }
            ],
            "EchoNumbers": 2,
            "EchoTime": 7.38,
            "EchoTrainLength": 0,
            "FlipAngle": 60.0,
            "HighBit": 11,
            "ImageOrientationPatient": [
                0.99372186968231,
                0.061040553777,
                0.09375978087486,
                -0.0526004873572,
                0.99455234070039,
                -0.0899935016385
            ],
            "ImageType": [
                "ORIGINAL",
                "PRIMARY",
                "P",
                "ND"
            ],
            "ImagedNucleus": "1H",
            "ImagingFrequency": 123.250787,
            "InPlanePhaseEncodingDirection": "COL",
            "MRAcquisitionType": "2D",
            "MagneticFieldStrength": 3.0,
            "Manufacturer": "SIEMENS",
            "ManufacturerModelName": "Prisma_fit",
            "Modality": "MR",
            "NumberOfAverages": 1.0,
            "NumberOfPhaseEncodingSteps": 88,
            "PercentPhaseFieldOfView": 100.0,
            "PercentSampling": 100.0,
            "PerformedProcedureStepStartTime": "083623.052000",
            "PhotometricInterpretation": "MONOCHROME2",
            "PixelBandwidth": 600.0,
            "PixelRepresentation": 0,
            "PixelSpacing": [
                2.3977272510529,
                2.3977272510529
            ],
            "ProtocolName": "fmap_acq-greAP",
            "RepetitionTime": 588.0,
            "RescaleIntercept": -4096.0,
            "RescaleSlope": 2.0,
            "RescaleType": "US",
            "Rows": 88,
            "SAR": 0.11753334960231,
            "SamplesPerPixel": 1,
            "ScanningSequence": "GR",
            "SequenceName": "*fm2d2r",
            "SequenceVariant": "SP",
            "SeriesDescription": "fmap_acq-greAP",
            "SeriesNumber": 22,
            "SeriesTime": "102727.000000",
            "SliceThickness": 2.4000000953674,
            "SoftwareVersions": "syngo MR E11",
            "SpacingBetweenSlices": 2.4,
            "SpecificCharacterSet": "ISO_IR 100",
            "StudyID": "1",
            "StudyTime": "083622.904000",
            "TransmitCoilName": "Body",
            "VariableFlipAngleFlag": "N",
            "WindowCenterWidthExplanation": "Algo1",
            "dBdt": 0.0
        },
