{
    "AcquisitionMatrixPE": 88,
    "AcquisitionNumber": 1,
    "AcquisitionTime": "12:33:48.580000",
    "BaseResolution": 88,
    "BodyPartExamined": "BRAIN",
    "ConsistencyInfo": "N4_VE11C_LATEST_20160120",
    "ConversionSoftware": "dcm2niix",
    "ConversionSoftwareVersion": "v1.0.20190902",
    "DeviceSerialNumber": "67050",
    "DwellTime": 9.5e-06,
    "EchoNumber": 2,
    "EchoTime": 0.00738,
    "EchoTime1": 0.00492,
    "EchoTime2": 0.00738,
    "FlipAngle": 60,
    "ImageOrientationPatientDICOM": [
        0.996822,
        -0.0584229,
        0.0541474,
        0.0627147,
        0.994716,
        -0.0812832
    ],
    "ImageType": [
        "ORIGINAL",
        "PRIMARY",
        "P",
        "ND"
    ],
    "ImagingFrequency": 123.251,
    "InPlanePhaseEncodingDirectionDICOM": "COL",
    "InstitutionAddress": "Olive_Street_60_Providence_RI_US_02912",
    "InstitutionName": "BROWN_UNIVERSITY_MRF",
    "InstitutionalDepartmentName": "Department",
    "IntendedFor": [
        "ses-01/func/sub-8005_ses-01_task-RDMmotion_run-06_bold.nii.gz",
        "ses-01/func/sub-8005_ses-01_task-RDMlocalizer_run-02_bold.nii.gz",
        "ses-01/func/sub-8005_ses-01_task-RDMmotion_run-01_bold.nii.gz",
        "ses-01/func/sub-8005_ses-01_task-RDMmotion_run-05_bold.nii.gz",
        "ses-01/func/sub-8005_ses-01_task-RDMcolor_run-02_bold.nii.gz",
        "ses-01/func/sub-8005_ses-01_task-RDMmotion_run-04_bold.nii.gz",
        "ses-01/func/sub-8005_ses-01_task-RDMcolor_run-04_bold.nii.gz",
        "ses-01/func/sub-8005_ses-01_task-RDMmotion_run-03_bold.nii.gz",
        "ses-01/func/sub-8005_ses-01_task-RDMmotion_run-02_bold.nii.gz",
        "ses-01/func/sub-8005_ses-01_task-RDMcolor_run-01_bold.nii.gz",
        "ses-01/func/sub-8005_ses-01_task-RDMcolor_run-06_bold.nii.gz",
        "ses-01/func/sub-8005_ses-01_task-RDMcolor_run-05_bold.nii.gz",
        "ses-01/func/sub-8005_ses-01_task-RDMcolor_run-03_bold.nii.gz",
        "ses-01/func/sub-8005_ses-01_task-RDMlocalizer_run-01_bold.nii.gz"
    ],
    "MRAcquisitionType": "2D",
    "MagneticFieldStrength": 3,
    "Manufacturer": "Siemens",
    "ManufacturersModelName": "Prisma_fit",
    "Modality": "MR",
    "PartialFourier": 1,
    "PatientPosition": "HFS",
    "PercentPhaseFOV": 100,
    "PhaseEncodingDirection": "j-",
    "PhaseEncodingSteps": 88,
    "PhaseResolution": 1,
    "PixelBandwidth": 600,
    "ProcedureStepDescription": "ASHENHAV_1222",
    "ProtocolName": "fmap_acq-greAP",
    "PulseSequenceDetails": "%SiemensSeq%_gre_field_mapping",
    "ReceiveCoilActiveElements": "HC1-7",
    "ReceiveCoilName": "HeadNeck_64",
    "ReconMatrixPE": 88,
    "RepetitionTime": 0.588,
    "SAR": 0.129359,
    "ScanningSequence": "GR",
    "SequenceName": "_fm2d2r",
    "SequenceVariant": "SP",
    "SeriesDescription": "fmap_acq-greAP",
    "SeriesNumber": 22,
    "ShimSetting": [
        1763,
        -9088,
        4400,
        393,
        -46,
        -114,
        -11,
        -18
    ],
    "SliceThickness": 2.4,
    "SliceTiming": [
        0.29688,
        0,
        0.3125,
        0.01562,
        0.32031,
        0.02344,
        0.32812,
        0.03125,
        0.33594,
        0.04688,
        0.35156,
        0.05469,
        0.35938,
        0.0625,
        0.36719,
        0.07031,
        0.375,
        0.08594,
        0.38281,
        0.09375,
        0.39844,
        0.10156,
        0.40625,
        0.10938,
        0.41406,
        0.125,
        0.42969,
        0.13281,
        0.4375,
        0.14062,
        0.44531,
        0.14844,
        0.45312,
        0.16406,
        0.46875,
        0.17188,
        0.47656,
        0.17969,
        0.48438,
        0.1875,
        0.49219,
        0.20312,
        0.5,
        0.21094,
        0.51562,
        0.21875,
        0.52344,
        0.23438,
        0.53125,
        0.24219,
        0.54688,
        0.25,
        0.55469,
        0.25781,
        0.5625,
        0.26562,
        0.57031,
        0.28125,
        0.58594,
        0.28906
    ],
    "SoftwareVersions": "syngo_MR_E11",
    "SpacingBetweenSlices": 2.4,
    "StationName": "AWP67050",
    "TxRefAmp": 228.252,
    "dcmmeta_affine": [
        [
            -2.390108108520508,
            0.15037277340888977,
            0.11786985397338867,
            98.4855728149414
        ],
        [
            0.14008207619190216,
            2.3850576877593994,
            -0.20260989665985107,
            -98.79413604736328
        ],
        [
            0.1298307478427887,
            0.19489498436450958,
            2.3885269165039062,
            -64.04316711425781
        ],
        [
            0.0,
            0.0,
            0.0,
            1.0
        ]
    ],
    "dcmmeta_reorient_transform": [
        [
            0.0,
            -1.0,
            0.0,
            87.0
        ],
        [
            1.0,
            0.0,
            0.0,
            0.0
        ],
        [
            0.0,
            0.0,
            -1.0,
            59.0
        ],
        [
            0.0,
            0.0,
            0.0,
            1.0
        ]
    ],
    "dcmmeta_shape": [
        88,
        88,
        60
    ],
    "dcmmeta_slice_dim": 2,
    "dcmmeta_version": 0.6,
    "global": {
        "const": {
            "AcquisitionMatrix": [
                88,
                0,
                0,
                88
            ],
            "AcquisitionNumber": 1,
            "AngioFlag": "N",
            "BitsAllocated": 16,
            "BitsStored": 12,
            "BodyPartExamined": "BRAIN",
            "Columns": 88,
            "DeidentificationMethodCodeSequence": [
                {
                    "CodeMeaning": "XNAT DicomEdit 6 Script",
                    "CodeValue": "3",
                    "CodingSchemeDesignator": "XNAT",
                    "CodingSchemeVersion": "1.0"
                }
            ],
            "EchoNumbers": 2,
            "EchoTime": 7.38,
            "EchoTrainLength": 0,
            "FlipAngle": 60.0,
            "HighBit": 11,
            "ImageOrientationPatient": [
                0.99682236465841,
                -0.0584228551772,
                0.0541474220048,
                0.06271470934115,
                0.99471599173584,
                -0.0812832148555
            ],
            "ImageType": [
                "ORIGINAL",
                "PRIMARY",
                "P",
                "ND"
            ],
            "ImagedNucleus": "1H",
            "ImagingFrequency": 123.250639,
            "InPlanePhaseEncodingDirection": "COL",
            "MRAcquisitionType": "2D",
            "MagneticFieldStrength": 3.0,
            "Manufacturer": "SIEMENS",
            "ManufacturerModelName": "Prisma_fit",
            "Modality": "MR",
            "NumberOfAverages": 1.0,
            "NumberOfPhaseEncodingSteps": 88,
            "PercentPhaseFieldOfView": 100.0,
            "PercentSampling": 100.0,
            "PerformedProcedureStepStartTime": "110350.685000",
            "PhotometricInterpretation": "MONOCHROME2",
            "PixelBandwidth": 600.0,
            "PixelRepresentation": 0,
            "PixelSpacing": [
                2.3977272510529,
                2.3977272510529
            ],
            "ProtocolName": "fmap_acq-greAP",
            "RepetitionTime": 588.0,
            "RescaleIntercept": -4096.0,
            "RescaleSlope": 2.0,
            "RescaleType": "US",
            "Rows": 88,
            "SAR": 0.1293594456107,
            "SamplesPerPixel": 1,
            "ScanningSequence": "GR",
            "SequenceName": "*fm2d2r",
            "SequenceVariant": "SP",
            "SeriesDescription": "fmap_acq-greAP",
            "SeriesNumber": 22,
            "SeriesTime": "123531.895000",
            "SliceThickness": 2.4000000953674,
            "SoftwareVersions": "syngo MR E11",
            "SpacingBetweenSlices": 2.4,
            "SpecificCharacterSet": "ISO_IR 100",
            "StudyID": "1",
            "StudyTime": "110350.614000",
            "TransmitCoilName": "Body",
            "VariableFlipAngleFlag": "N",
            "WindowCenterWidthExplanation": "Algo1",
            "dBdt": 0.0
        },
