{
    "AcquisitionMatrixPE": 88,
    "AcquisitionNumber": 1,
    "AcquisitionTime": "16:17:40.057500",
    "BaseResolution": 88,
    "BodyPartExamined": "BRAIN",
    "ConsistencyInfo": "N4_VE11C_LATEST_20160120",
    "ConversionSoftware": "dcm2niix",
    "ConversionSoftwareVersion": "v1.0.20190902",
    "DeviceSerialNumber": "67050",
    "DwellTime": 9.5e-06,
    "EchoNumber": 2,
    "EchoTime": 0.00738,
    "EchoTime1": 0.00492,
    "EchoTime2": 0.00738,
    "FlipAngle": 60,
    "ImageOrientationPatientDICOM": [
        0.99187,
        0.0865966,
        0.0932421,
        -0.0724903,
        0.986731,
        -0.145284
    ],
    "ImageType": [
        "ORIGINAL",
        "PRIMARY",
        "P",
        "ND"
    ],
    "ImagingFrequency": 123.251,
    "InPlanePhaseEncodingDirectionDICOM": "COL",
    "InstitutionAddress": "Olive_Street_60_Providence_RI_US_02912",
    "InstitutionName": "BROWN_UNIVERSITY_MRF",
    "InstitutionalDepartmentName": "Department",
    "IntendedFor": [
        "ses-01/func/sub-8022_ses-01_task-RDMmotion_run-03_bold.nii.gz",
        "ses-01/func/sub-8022_ses-01_task-RDMmotion_run-01_bold.nii.gz",
        "ses-01/func/sub-8022_ses-01_task-RDMcolor_run-06_bold.nii.gz",
        "ses-01/func/sub-8022_ses-01_task-RDMcolor_run-05_bold.nii.gz",
        "ses-01/func/sub-8022_ses-01_task-RDMmotion_run-05_bold.nii.gz",
        "ses-01/func/sub-8022_ses-01_task-RDMmotion_run-02_bold.nii.gz",
        "ses-01/func/sub-8022_ses-01_task-RDMlocalizer_run-02_bold.nii.gz",
        "ses-01/func/sub-8022_ses-01_task-RDMlocalizer_run-01_bold.nii.gz",
        "ses-01/func/sub-8022_ses-01_task-RDMcolor_run-04_bold.nii.gz",
        "ses-01/func/sub-8022_ses-01_task-RDMcolor_run-03_bold.nii.gz",
        "ses-01/func/sub-8022_ses-01_task-RDMmotion_run-06_bold.nii.gz",
        "ses-01/func/sub-8022_ses-01_task-RDMcolor_run-02_bold.nii.gz",
        "ses-01/func/sub-8022_ses-01_task-RDMmotion_run-04_bold.nii.gz",
        "ses-01/func/sub-8022_ses-01_task-RDMcolor_run-01_bold.nii.gz"
    ],
    "MRAcquisitionType": "2D",
    "MagneticFieldStrength": 3,
    "Manufacturer": "Siemens",
    "ManufacturersModelName": "Prisma_fit",
    "Modality": "MR",
    "MultibandAccelerationFactor": 2,
    "PartialFourier": 1,
    "PatientPosition": "HFS",
    "PercentPhaseFOV": 100,
    "PhaseEncodingDirection": "j-",
    "PhaseEncodingSteps": 88,
    "PhaseResolution": 1,
    "PixelBandwidth": 600,
    "ProcedureStepDescription": "ASHENHAV_1222",
    "ProtocolName": "fmap_acq-greAP",
    "PulseSequenceDetails": "%SiemensSeq%_gre_field_mapping",
    "ReceiveCoilActiveElements": "HC1-7;NC1",
    "ReceiveCoilName": "HeadNeck_64",
    "ReconMatrixPE": 88,
    "RepetitionTime": 0.588,
    "SAR": 0.117509,
    "ScanningSequence": "GR",
    "SequenceName": "_fm2d2r",
    "SequenceVariant": "SP",
    "SeriesDescription": "fmap_acq-greAP",
    "SeriesNumber": 22,
    "ShimSetting": [
        1772,
        -9082,
        4374,
        419,
        -100,
        -83,
        116,
        0
    ],
    "SliceThickness": 2.4,
    "SliceTiming": [
        0.29688,
        0,
        0.29688,
        0,
        0.3125,
        0.01562,
        0.3125,
        0.03125,
        0.32812,
        0.03125,
        0.34375,
        0.04688,
        0.34375,
        0.0625,
        0.35938,
        0.0625,
        0.375,
        0.07812,
        0.375,
        0.07812,
        0.39062,
        0.09375,
        0.40625,
        0.10938,
        0.40625,
        0.10938,
        0.42188,
        0.125,
        0.42188,
        0.14062,
        0.4375,
        0.14062,
        0.45312,
        0.15625,
        0.45312,
        0.17188,
        0.46875,
        0.17188,
        0.48438,
        0.1875,
        0.48438,
        0.1875,
        0.5,
        0.20312,
        0.5,
        0.21875,
        0.51562,
        0.21875,
        0.53125,
        0.23438,
        0.53125,
        0.23438,
        0.54688,
        0.25,
        0.5625,
        0.26562,
        0.5625,
        0.26562,
        0.57812,
        0.28125
    ],
    "SoftwareVersions": "syngo_MR_E11",
    "SpacingBetweenSlices": 2.4,
    "StationName": "AWP67050",
    "TxRefAmp": 242.525,
    "dcmmeta_affine": [
        [
            -2.378234624862671,
            -0.1738118976354599,
            0.2510061264038086,
            107.61727142333984
        ],
        [
            -0.2076350748538971,
            2.3659114837646484,
            -0.32962512969970703,
            -76.5335464477539
        ],
        [
            0.22356919944286346,
            0.34835153818130493,
            2.3639678955078125,
            -94.77806854248047
        ],
        [
            0.0,
            0.0,
            0.0,
            1.0
        ]
    ],
    "dcmmeta_reorient_transform": [
        [
            0.0,
            -1.0,
            0.0,
            87.0
        ],
        [
            1.0,
            0.0,
            0.0,
            0.0
        ],
        [
            0.0,
            0.0,
            -1.0,
            59.0
        ],
        [
            0.0,
            0.0,
            0.0,
            1.0
        ]
    ],
    "dcmmeta_shape": [
        88,
        88,
        60
    ],
    "dcmmeta_slice_dim": 2,
    "dcmmeta_version": 0.6,
    "global": {
        "const": {
            "AcquisitionMatrix": [
                88,
                0,
                0,
                88
            ],
            "AcquisitionNumber": 1,
            "AngioFlag": "N",
            "BitsAllocated": 16,
            "BitsStored": 12,
            "BodyPartExamined": "BRAIN",
            "Columns": 88,
            "DeidentificationMethodCodeSequence": [
                {
                    "CodeMeaning": "XNAT DicomEdit 6 Script",
                    "CodeValue": "3",
                    "CodingSchemeDesignator": "XNAT",
                    "CodingSchemeVersion": "1.0"
                }
            ],
            "EchoNumbers": 2,
            "EchoTime": 7.38,
            "EchoTrainLength": 0,
            "FlipAngle": 60.0,
            "HighBit": 11,
            "ImageOrientationPatient": [
                0.99187042027817,
                0.08659661908708,
                0.09324213071298,
                -0.0724902735512,
                0.98673081661225,
                -0.145284052078
            ],
            "ImageType": [
                "ORIGINAL",
                "PRIMARY",
                "P",
                "ND"
            ],
            "ImagedNucleus": "1H",
            "ImagingFrequency": 123.250629,
            "InPlanePhaseEncodingDirection": "COL",
            "MRAcquisitionType": "2D",
            "MagneticFieldStrength": 3.0,
            "Manufacturer": "SIEMENS",
            "ManufacturerModelName": "Prisma_fit",
            "Modality": "MR",
            "NumberOfAverages": 1.0,
            "NumberOfPhaseEncodingSteps": 88,
            "PercentPhaseFieldOfView": 100.0,
            "PercentSampling": 100.0,
            "PerformedProcedureStepStartTime": "141126.402000",
            "PhotometricInterpretation": "MONOCHROME2",
            "PixelBandwidth": 600.0,
            "PixelRepresentation": 0,
            "PixelSpacing": [
                2.3977272510529,
                2.3977272510529
            ],
            "ProtocolName": "fmap_acq-greAP",
            "RepetitionTime": 588.0,
            "RescaleIntercept": -4096.0,
            "RescaleSlope": 2.0,
            "RescaleType": "US",
            "Rows": 88,
            "SAR": 0.11750906844131,
            "SamplesPerPixel": 1,
            "ScanningSequence": "GR",
            "SequenceName": "*fm2d2r",
            "SequenceVariant": "SP",
            "SeriesDescription": "fmap_acq-greAP",
            "SeriesNumber": 22,
            "SeriesTime": "161923.842000",
            "SliceThickness": 2.4000000953674,
            "SoftwareVersions": "syngo MR E11",
            "SpacingBetweenSlices": 2.4,
            "SpecificCharacterSet": "ISO_IR 100",
            "StudyID": "1",
            "StudyTime": "141126.275000",
            "TransmitCoilName": "Body",
            "VariableFlipAngleFlag": "N",
            "WindowCenterWidthExplanation": "Algo1",
            "dBdt": 0.0
        },
