{
    "AcquisitionMatrixPE": 88,
    "AcquisitionNumber": 1,
    "AcquisitionTime": "18:00:7.112500",
    "BaseResolution": 88,
    "BodyPartExamined": "BRAIN",
    "ConsistencyInfo": "N4_VE11C_LATEST_20160120",
    "ConversionSoftware": "dcm2niix",
    "ConversionSoftwareVersion": "v1.0.20190902",
    "DeviceSerialNumber": "67050",
    "DwellTime": 9.5e-06,
    "EchoNumber": 2,
    "EchoTime": 0.00738,
    "EchoTime1": 0.00492,
    "EchoTime2": 0.00738,
    "FlipAngle": 60,
    "ImageOrientationPatientDICOM": [
        0.992707,
        0.120385,
        -0.00636685,
        -0.120306,
        0.98592,
        -0.116141
    ],
    "ImageType": [
        "ORIGINAL",
        "PRIMARY",
        "P",
        "ND"
    ],
    "ImagingFrequency": 123.251,
    "InPlanePhaseEncodingDirectionDICOM": "COL",
    "InstitutionAddress": "Olive_Street_60_Providence_RI_US_02912",
    "InstitutionName": "BROWN_UNIVERSITY_MRF",
    "InstitutionalDepartmentName": "Department",
    "IntendedFor": [
        "ses-01/func/sub-8031_ses-01_task-RDMmotion_run-06_bold.nii.gz",
        "ses-01/func/sub-8031_ses-01_task-RDMmotion_run-01_bold.nii.gz",
        "ses-01/func/sub-8031_ses-01_task-RDMcolor_run-05_bold.nii.gz",
        "ses-01/func/sub-8031_ses-01_task-RDMcolor_run-01_bold.nii.gz",
        "ses-01/func/sub-8031_ses-01_task-RDMlocalizer_run-01_bold.nii.gz",
        "ses-01/func/sub-8031_ses-01_task-RDMcolor_run-06_bold.nii.gz",
        "ses-01/func/sub-8031_ses-01_task-RDMmotion_run-02_bold.nii.gz",
        "ses-01/func/sub-8031_ses-01_task-RDMcolor_run-02_bold.nii.gz",
        "ses-01/func/sub-8031_ses-01_task-RDMmotion_run-03_bold.nii.gz",
        "ses-01/func/sub-8031_ses-01_task-RDMcolor_run-03_bold.nii.gz",
        "ses-01/func/sub-8031_ses-01_task-RDMmotion_run-05_bold.nii.gz",
        "ses-01/func/sub-8031_ses-01_task-RDMlocalizer_run-02_bold.nii.gz",
        "ses-01/func/sub-8031_ses-01_task-RDMmotion_run-04_bold.nii.gz",
        "ses-01/func/sub-8031_ses-01_task-RDMcolor_run-04_bold.nii.gz"
    ],
    "MRAcquisitionType": "2D",
    "MagneticFieldStrength": 3,
    "Manufacturer": "Siemens",
    "ManufacturersModelName": "Prisma_fit",
    "Modality": "MR",
    "MultibandAccelerationFactor": 2,
    "PartialFourier": 1,
    "PatientPosition": "HFS",
    "PercentPhaseFOV": 100,
    "PhaseEncodingDirection": "j-",
    "PhaseEncodingSteps": 88,
    "PhaseResolution": 1,
    "PixelBandwidth": 600,
    "ProcedureStepDescription": "ASHENHAV_1222",
    "ProtocolName": "fmap_acq-greAP",
    "PulseSequenceDetails": "%SiemensSeq%_gre_field_mapping",
    "ReceiveCoilActiveElements": "HC1-7;NC1",
    "ReceiveCoilName": "HeadNeck_64",
    "ReconMatrixPE": 88,
    "RepetitionTime": 0.588,
    "SAR": 0.128249,
    "ScanningSequence": "GR",
    "SequenceName": "_fm2d2r",
    "SequenceVariant": "SP",
    "SeriesDescription": "fmap_acq-greAP",
    "SeriesNumber": 22,
    "ShimSetting": [
        1733,
        -9087,
        4434,
        489,
        -163,
        -427,
        55,
        -24
    ],
    "SliceThickness": 2.4,
    "SliceTiming": [
        0.29688,
        0,
        0.3125,
        0.01562,
        0.3125,
        0.03125,
        0.32812,
        0.03125,
        0.34375,
        0.04688,
        0.34375,
        0.0625,
        0.35938,
        0.0625,
        0.375,
        0.07812,
        0.375,
        0.07812,
        0.39062,
        0.09375,
        0.39062,
        0.10938,
        0.40625,
        0.10938,
        0.42188,
        0.125,
        0.42188,
        0.125,
        0.4375,
        0.14062,
        0.45312,
        0.15625,
        0.45312,
        0.15625,
        0.46875,
        0.17188,
        0.46875,
        0.1875,
        0.48438,
        0.1875,
        0.5,
        0.20312,
        0.5,
        0.20312,
        0.51562,
        0.21875,
        0.53125,
        0.23438,
        0.53125,
        0.23438,
        0.54688,
        0.25,
        0.5625,
        0.26562,
        0.5625,
        0.26562,
        0.57812,
        0.28125,
        0.57812,
        0.29688
    ],
    "SoftwareVersions": "syngo_MR_E11",
    "SpacingBetweenSlices": 2.4,
    "StationName": "AWP67050",
    "TxRefAmp": 227.908,
    "dcmmeta_affine": [
        [
            -2.3802404403686523,
            -0.2884621024131775,
            0.018490642309188843,
            116.23532104492188
        ],
        [
            -0.28864961862564087,
            2.363966464996338,
            -0.27854466438293457,
            -76.38581085205078
        ],
        [
            -0.01526597049087286,
            0.27847519516944885,
            2.3837127685546875,
            -78.8576889038086
        ],
        [
            0.0,
            0.0,
            0.0,
            1.0
        ]
    ],
    "dcmmeta_reorient_transform": [
        [
            0.0,
            -1.0,
            0.0,
            87.0
        ],
        [
            1.0,
            0.0,
            0.0,
            0.0
        ],
        [
            0.0,
            0.0,
            -1.0,
            59.0
        ],
        [
            0.0,
            0.0,
            0.0,
            1.0
        ]
    ],
    "dcmmeta_shape": [
        88,
        88,
        60
    ],
    "dcmmeta_slice_dim": 2,
    "dcmmeta_version": 0.6,
    "global": {
        "const": {
            "AcquisitionMatrix": [
                88,
                0,
                0,
                88
            ],
            "AcquisitionNumber": 1,
            "AngioFlag": "N",
            "BitsAllocated": 16,
            "BitsStored": 12,
            "BodyPartExamined": "BRAIN",
            "Columns": 88,
            "DeidentificationMethodCodeSequence": [
                {
                    "CodeMeaning": "XNAT DicomEdit 6 Script",
                    "CodeValue": "3",
                    "CodingSchemeDesignator": "XNAT",
                    "CodingSchemeVersion": "1.0"
                }
            ],
            "EchoNumbers": 2,
            "EchoTime": 7.38,
            "EchoTrainLength": 0,
            "FlipAngle": 60.0,
            "HighBit": 11,
            "ImageOrientationPatient": [
                0.99270690237354,
                0.12038467177286,
                -0.0063668502468,
                -0.1203064741736,
                0.98591964608473,
                -0.1161413093437
            ],
            "ImageType": [
                "ORIGINAL",
                "PRIMARY",
                "P",
                "ND"
            ],
            "ImagedNucleus": "1H",
            "ImagingFrequency": 123.25078,
            "InPlanePhaseEncodingDirection": "COL",
            "MRAcquisitionType": "2D",
            "MagneticFieldStrength": 3.0,
            "Manufacturer": "SIEMENS",
            "ManufacturerModelName": "Prisma_fit",
            "Modality": "MR",
            "NumberOfAverages": 1.0,
            "NumberOfPhaseEncodingSteps": 88,
            "PercentPhaseFieldOfView": 100.0,
            "PercentSampling": 100.0,
            "PerformedProcedureStepStartTime": "161951.804000",
            "PhotometricInterpretation": "MONOCHROME2",
            "PixelBandwidth": 600.0,
            "PixelRepresentation": 0,
            "PixelSpacing": [
                2.3977272510529,
                2.3977272510529
            ],
            "ProtocolName": "fmap_acq-greAP",
            "RepetitionTime": 588.0,
            "RescaleIntercept": -4096.0,
            "RescaleSlope": 2.0,
            "RescaleType": "US",
            "Rows": 88,
            "SAR": 0.12824883562083,
            "SamplesPerPixel": 1,
            "ScanningSequence": "GR",
            "SequenceName": "*fm2d2r",
            "SequenceVariant": "SP",
            "SeriesDescription": "fmap_acq-greAP",
            "SeriesNumber": 22,
            "SeriesTime": "180151.503000",
            "SliceThickness": 2.4000000953674,
            "SoftwareVersions": "syngo MR E11",
            "SpacingBetweenSlices": 2.4,
            "SpecificCharacterSet": "ISO_IR 100",
            "StudyID": "1",
            "StudyTime": "161951.734000",
            "TransmitCoilName": "Body",
            "VariableFlipAngleFlag": "N",
            "WindowCenterWidthExplanation": "Algo1",
            "dBdt": 0.0
        },
