{
    "AcquisitionMatrixPE": 88,
    "AcquisitionNumber": 1,
    "AcquisitionTime": "16:09:19.152500",
    "BaseResolution": 88,
    "BodyPartExamined": "BRAIN",
    "ConsistencyInfo": "N4_VE11C_LATEST_20160120",
    "ConversionSoftware": "dcm2niix",
    "ConversionSoftwareVersion": "v1.0.20190902",
    "DeviceSerialNumber": "67050",
    "DwellTime": 9.5e-06,
    "EchoNumber": 2,
    "EchoTime": 0.00738,
    "EchoTime1": 0.00492,
    "EchoTime2": 0.00738,
    "FlipAngle": 60,
    "ImageOrientationPatientDICOM": [
        0.998671,
        -0.00142176,
        0.051513,
        0.000348566,
        0.999783,
        0.0208365
    ],
    "ImageType": [
        "ORIGINAL",
        "PRIMARY",
        "P",
        "ND"
    ],
    "ImagingFrequency": 123.251,
    "InPlanePhaseEncodingDirectionDICOM": "COL",
    "InstitutionAddress": "Olive_Street_60_Providence_RI_US_02912",
    "InstitutionName": "BROWN_UNIVERSITY_MRF",
    "InstitutionalDepartmentName": "Department",
    "IntendedFor": [
        "ses-01/func/sub-8026_ses-01_task-RDMcolor_run-03_bold.nii.gz",
        "ses-01/func/sub-8026_ses-01_task-RDMcolor_run-05_bold.nii.gz",
        "ses-01/func/sub-8026_ses-01_task-RDMmotion_run-03_bold.nii.gz",
        "ses-01/func/sub-8026_ses-01_task-RDMmotion_run-06_bold.nii.gz",
        "ses-01/func/sub-8026_ses-01_task-RDMlocalizer_run-02_bold.nii.gz",
        "ses-01/func/sub-8026_ses-01_task-RDMmotion_run-04_bold.nii.gz",
        "ses-01/func/sub-8026_ses-01_task-RDMcolor_run-02_bold.nii.gz",
        "ses-01/func/sub-8026_ses-01_task-RDMcolor_run-06_bold.nii.gz",
        "ses-01/func/sub-8026_ses-01_task-RDMmotion_run-01_bold.nii.gz",
        "ses-01/func/sub-8026_ses-01_task-RDMmotion_run-02_bold.nii.gz",
        "ses-01/func/sub-8026_ses-01_task-RDMmotion_run-05_bold.nii.gz",
        "ses-01/func/sub-8026_ses-01_task-RDMcolor_run-04_bold.nii.gz",
        "ses-01/func/sub-8026_ses-01_task-RDMlocalizer_run-01_bold.nii.gz",
        "ses-01/func/sub-8026_ses-01_task-RDMcolor_run-01_bold.nii.gz"
    ],
    "MRAcquisitionType": "2D",
    "MagneticFieldStrength": 3,
    "Manufacturer": "Siemens",
    "ManufacturersModelName": "Prisma_fit",
    "Modality": "MR",
    "MultibandAccelerationFactor": 2,
    "PartialFourier": 1,
    "PatientPosition": "HFS",
    "PercentPhaseFOV": 100,
    "PhaseEncodingDirection": "j-",
    "PhaseEncodingSteps": 88,
    "PhaseResolution": 1,
    "PixelBandwidth": 600,
    "ProcedureStepDescription": "ASHENHAV_1222",
    "ProtocolName": "fmap_acq-greAP",
    "PulseSequenceDetails": "%SiemensSeq%_gre_field_mapping",
    "ReceiveCoilActiveElements": "HC1-7",
    "ReceiveCoilName": "HeadNeck_64",
    "ReconMatrixPE": 88,
    "RepetitionTime": 0.588,
    "SAR": 0.139378,
    "ScanningSequence": "GR",
    "SequenceName": "_fm2d2r",
    "SequenceVariant": "SP",
    "SeriesDescription": "fmap_acq-greAP",
    "SeriesNumber": 22,
    "ShimSetting": [
        1749,
        -9088,
        4398,
        530,
        -107,
        -81,
        4,
        1
    ],
    "SliceThickness": 2.4,
    "SliceTiming": [
        0.29688,
        0,
        0.29688,
        0.01562,
        0.3125,
        0.01562,
        0.32812,
        0.03125,
        0.32812,
        0.03125,
        0.34375,
        0.04688,
        0.34375,
        0.0625,
        0.35938,
        0.0625,
        0.375,
        0.07812,
        0.375,
        0.09375,
        0.39062,
        0.09375,
        0.40625,
        0.10938,
        0.40625,
        0.10938,
        0.42188,
        0.125,
        0.4375,
        0.14062,
        0.4375,
        0.14062,
        0.45312,
        0.15625,
        0.45312,
        0.17188,
        0.46875,
        0.17188,
        0.48438,
        0.1875,
        0.48438,
        0.20312,
        0.5,
        0.20312,
        0.51562,
        0.21875,
        0.51562,
        0.21875,
        0.53125,
        0.23438,
        0.53125,
        0.25,
        0.54688,
        0.25,
        0.5625,
        0.26562,
        0.5625,
        0.26562,
        0.57812,
        0.28125
    ],
    "SoftwareVersions": "syngo_MR_E11",
    "SpacingBetweenSlices": 2.4,
    "StationName": "AWP67050",
    "TxRefAmp": 219.808,
    "dcmmeta_affine": [
        [
            -2.3945415019989014,
            0.0008357656770385802,
            0.12367534637451172,
            102.69482421875
        ],
        [
            0.0034089938271790743,
            2.3972065448760986,
            0.04989814758300781,
            -99.1469497680664
        ],
        [
            0.12351413071155548,
            -0.049960169941186905,
            2.3962936401367188,
            -71.01966094970703
        ],
        [
            0.0,
            0.0,
            0.0,
            1.0
        ]
    ],
    "dcmmeta_reorient_transform": [
        [
            0.0,
            -1.0,
            0.0,
            87.0
        ],
        [
            1.0,
            0.0,
            0.0,
            0.0
        ],
        [
            0.0,
            0.0,
            -1.0,
            59.0
        ],
        [
            0.0,
            0.0,
            0.0,
            1.0
        ]
    ],
    "dcmmeta_shape": [
        88,
        88,
        60
    ],
    "dcmmeta_slice_dim": 2,
    "dcmmeta_version": 0.6,
    "global": {
        "const": {
            "AcquisitionMatrix": [
                88,
                0,
                0,
                88
            ],
            "AcquisitionNumber": 1,
            "AngioFlag": "N",
            "BitsAllocated": 16,
            "BitsStored": 12,
            "BodyPartExamined": "BRAIN",
            "Columns": 88,
            "DeidentificationMethodCodeSequence": [
                {
                    "CodeMeaning": "XNAT DicomEdit 6 Script",
                    "CodeValue": "3",
                    "CodingSchemeDesignator": "XNAT",
                    "CodingSchemeVersion": "1.0"
                }
            ],
            "EchoNumbers": 2,
            "EchoTime": 7.38,
            "EchoTrainLength": 0,
            "FlipAngle": 60.0,
            "HighBit": 11,
            "ImageOrientationPatient": [
                0.99867131193568,
                -0.0014217604467,
                0.05151300140653,
                0.00034856577815,
                0.99978283645386,
                0.02083646885068
            ],
            "ImageType": [
                "ORIGINAL",
                "PRIMARY",
                "P",
                "ND"
            ],
            "ImagedNucleus": "1H",
            "ImagingFrequency": 123.250778,
            "InPlanePhaseEncodingDirection": "COL",
            "MRAcquisitionType": "2D",
            "MagneticFieldStrength": 3.0,
            "Manufacturer": "SIEMENS",
            "ManufacturerModelName": "Prisma_fit",
            "Modality": "MR",
            "NumberOfAverages": 1.0,
            "NumberOfPhaseEncodingSteps": 88,
            "PercentPhaseFieldOfView": 100.0,
            "PercentSampling": 100.0,
            "PerformedProcedureStepStartTime": "143433.499000",
            "PhotometricInterpretation": "MONOCHROME2",
            "PixelBandwidth": 600.0,
            "PixelRepresentation": 0,
            "PixelSpacing": [
                2.3977272510529,
                2.3977272510529
            ],
            "ProtocolName": "fmap_acq-greAP",
            "RepetitionTime": 588.0,
            "RescaleIntercept": -4096.0,
            "RescaleSlope": 2.0,
            "RescaleType": "US",
            "Rows": 88,
            "SAR": 0.13937812095322,
            "SamplesPerPixel": 1,
            "ScanningSequence": "GR",
            "SequenceName": "*fm2d2r",
            "SequenceVariant": "SP",
            "SeriesDescription": "fmap_acq-greAP",
            "SeriesNumber": 22,
            "SeriesTime": "161103.504000",
            "SliceThickness": 2.4000000953674,
            "SoftwareVersions": "syngo MR E11",
            "SpacingBetweenSlices": 2.4,
            "SpecificCharacterSet": "ISO_IR 100",
            "StudyID": "1",
            "StudyTime": "143433.413000",
            "TransmitCoilName": "Body",
            "VariableFlipAngleFlag": "N",
            "WindowCenterWidthExplanation": "Algo1",
            "dBdt": 0.0
        },
