{
    "AcquisitionMatrixPE": 88,
    "AcquisitionNumber": 1,
    "AcquisitionTime": "16:17:19.885000",
    "BaseResolution": 88,
    "BodyPartExamined": "BRAIN",
    "ConsistencyInfo": "N4_VE11C_LATEST_20160120",
    "ConversionSoftware": "dcm2niix",
    "ConversionSoftwareVersion": "v1.0.20190902",
    "DeviceSerialNumber": "67050",
    "DwellTime": 9.5e-06,
    "EchoNumber": 1,
    "EchoTime": 0.00492,
    "FlipAngle": 60,
    "ImageOrientationPatientDICOM": [
        0.999559,
        -0.0145395,
        0.0258886,
        0.0146554,
        0.999883,
        -0.00429273
    ],
    "ImageType": [
        "ORIGINAL",
        "PRIMARY",
        "M",
        "ND"
    ],
    "ImagingFrequency": 123.251,
    "InPlanePhaseEncodingDirectionDICOM": "COL",
    "InstitutionAddress": "Olive_Street_60_Providence_RI_US_02912",
    "InstitutionName": "BROWN_UNIVERSITY_MRF",
    "InstitutionalDepartmentName": "Department",
    "IntendedFor": [
        "ses-01/func/sub-8030_ses-01_task-RDMcolor_run-01_bold.nii.gz",
        "ses-01/func/sub-8030_ses-01_task-RDMmotion_run-06_bold.nii.gz",
        "ses-01/func/sub-8030_ses-01_task-RDMmotion_run-01_bold.nii.gz",
        "ses-01/func/sub-8030_ses-01_task-RDMlocalizer_run-01_bold.nii.gz",
        "ses-01/func/sub-8030_ses-01_task-RDMcolor_run-06_bold.nii.gz",
        "ses-01/func/sub-8030_ses-01_task-RDMmotion_run-03_bold.nii.gz",
        "ses-01/func/sub-8030_ses-01_task-RDMmotion_run-04_bold.nii.gz",
        "ses-01/func/sub-8030_ses-01_task-RDMcolor_run-04_bold.nii.gz",
        "ses-01/func/sub-8030_ses-01_task-RDMmotion_run-02_bold.nii.gz",
        "ses-01/func/sub-8030_ses-01_task-RDMlocalizer_run-02_bold.nii.gz",
        "ses-01/func/sub-8030_ses-01_task-RDMcolor_run-02_bold.nii.gz",
        "ses-01/func/sub-8030_ses-01_task-RDMcolor_run-03_bold.nii.gz",
        "ses-01/func/sub-8030_ses-01_task-RDMcolor_run-05_bold.nii.gz",
        "ses-01/func/sub-8030_ses-01_task-RDMmotion_run-05_bold.nii.gz"
    ],
    "MRAcquisitionType": "2D",
    "MagneticFieldStrength": 3,
    "Manufacturer": "Siemens",
    "ManufacturersModelName": "Prisma_fit",
    "Modality": "MR",
    "MultibandAccelerationFactor": 2,
    "PartialFourier": 1,
    "PatientPosition": "HFS",
    "PercentPhaseFOV": 100,
    "PhaseEncodingDirection": "j-",
    "PhaseEncodingSteps": 88,
    "PhaseResolution": 1,
    "PixelBandwidth": 600,
    "ProcedureStepDescription": "ASHENHAV_1222",
    "ProtocolName": "fmap_acq-greAP",
    "PulseSequenceDetails": "%SiemensSeq%_gre_field_mapping",
    "ReceiveCoilActiveElements": "HC1-7",
    "ReceiveCoilName": "HeadNeck_64",
    "ReconMatrixPE": 88,
    "RepetitionTime": 0.588,
    "SAR": 0.110958,
    "ScanningSequence": "GR",
    "SequenceName": "_fm2d2r",
    "SequenceVariant": "SP",
    "SeriesDescription": "fmap_acq-greAP",
    "SeriesNumber": 21,
    "ShimSetting": [
        1768,
        -9114,
        4433,
        519,
        -29,
        -230,
        4,
        0
    ],
    "SliceThickness": 2.4,
    "SliceTiming": [
        0.29688,
        0,
        0.29688,
        0,
        0.3125,
        0.01562,
        0.32812,
        0.03125,
        0.32812,
        0.03125,
        0.34375,
        0.04688,
        0.34375,
        0.0625,
        0.35938,
        0.0625,
        0.375,
        0.07812,
        0.375,
        0.09375,
        0.39062,
        0.09375,
        0.40625,
        0.10938,
        0.40625,
        0.10938,
        0.42188,
        0.125,
        0.42188,
        0.14062,
        0.4375,
        0.14062,
        0.45312,
        0.15625,
        0.45312,
        0.15625,
        0.46875,
        0.17188,
        0.46875,
        0.1875,
        0.48438,
        0.1875,
        0.5,
        0.20312,
        0.5,
        0.21875,
        0.51562,
        0.21875,
        0.53125,
        0.23438,
        0.53125,
        0.23438,
        0.54688,
        0.25,
        0.5625,
        0.26562,
        0.5625,
        0.26562,
        0.57812,
        0.28125
    ],
    "SoftwareVersions": "syngo_MR_E11",
    "SpacingBetweenSlices": 2.4,
    "StationName": "AWP67050",
    "TxRefAmp": 219.229
}