{
    "AcquisitionMatrixPE": 88,
    "AcquisitionNumber": 1,
    "AcquisitionTime": "12:37:11.222500",
    "BaseResolution": 88,
    "BodyPartExamined": "BRAIN",
    "ConsistencyInfo": "N4_VE11C_LATEST_20160120",
    "ConversionSoftware": "dcm2niix",
    "ConversionSoftwareVersion": "v1.0.20190902",
    "DeviceSerialNumber": "67050",
    "DwellTime": 9.5e-06,
    "EchoNumber": 2,
    "EchoTime": 0.00738,
    "EchoTime1": 0.00492,
    "EchoTime2": 0.00738,
    "FlipAngle": 60,
    "ImageOrientationPatientDICOM": [
        0.989759,
        -0.0388181,
        0.137367,
        0.0311044,
        0.99784,
        0.0578622
    ],
    "ImageType": [
        "ORIGINAL",
        "PRIMARY",
        "P",
        "ND"
    ],
    "ImagingFrequency": 123.251,
    "InPlanePhaseEncodingDirectionDICOM": "COL",
    "InstitutionAddress": "Olive_Street_60_Providence_RI_US_02912",
    "InstitutionName": "BROWN_UNIVERSITY_MRF",
    "InstitutionalDepartmentName": "Department",
    "IntendedFor": [
        "ses-01/func/sub-8024_ses-01_task-RDMlocalizer_run-01_bold.nii.gz",
        "ses-01/func/sub-8024_ses-01_task-RDMlocalizer_run-02_bold.nii.gz",
        "ses-01/func/sub-8024_ses-01_task-RDMcolor_run-02_bold.nii.gz",
        "ses-01/func/sub-8024_ses-01_task-RDMmotion_run-04_bold.nii.gz",
        "ses-01/func/sub-8024_ses-01_task-RDMmotion_run-03_bold.nii.gz",
        "ses-01/func/sub-8024_ses-01_task-RDMmotion_run-06_bold.nii.gz",
        "ses-01/func/sub-8024_ses-01_task-RDMcolor_run-03_bold.nii.gz",
        "ses-01/func/sub-8024_ses-01_task-RDMcolor_run-01_bold.nii.gz",
        "ses-01/func/sub-8024_ses-01_task-RDMmotion_run-01_bold.nii.gz",
        "ses-01/func/sub-8024_ses-01_task-RDMcolor_run-05_bold.nii.gz",
        "ses-01/func/sub-8024_ses-01_task-RDMcolor_run-06_bold.nii.gz",
        "ses-01/func/sub-8024_ses-01_task-RDMcolor_run-04_bold.nii.gz",
        "ses-01/func/sub-8024_ses-01_task-RDMmotion_run-02_bold.nii.gz",
        "ses-01/func/sub-8024_ses-01_task-RDMmotion_run-05_bold.nii.gz"
    ],
    "MRAcquisitionType": "2D",
    "MagneticFieldStrength": 3,
    "Manufacturer": "Siemens",
    "ManufacturersModelName": "Prisma_fit",
    "Modality": "MR",
    "PartialFourier": 1,
    "PatientPosition": "HFS",
    "PercentPhaseFOV": 100,
    "PhaseEncodingDirection": "j-",
    "PhaseEncodingSteps": 88,
    "PhaseResolution": 1,
    "PixelBandwidth": 600,
    "ProcedureStepDescription": "ASHENHAV_1222",
    "ProtocolName": "fmap_acq-greAP",
    "PulseSequenceDetails": "%SiemensSeq%_gre_field_mapping",
    "ReceiveCoilActiveElements": "HC1-7",
    "ReceiveCoilName": "HeadNeck_64",
    "ReconMatrixPE": 88,
    "RepetitionTime": 0.588,
    "SAR": 0.117012,
    "ScanningSequence": "GR",
    "SequenceName": "_fm2d2r",
    "SequenceVariant": "SP",
    "SeriesDescription": "fmap_acq-greAP",
    "SeriesNumber": 22,
    "ShimSetting": [
        1780,
        -9115,
        4430,
        504,
        -89,
        -74,
        28,
        30
    ],
    "SliceThickness": 2.4,
    "SliceTiming": [
        0.28906,
        0,
        0.30469,
        0.00781,
        0.3125,
        0.01562,
        0.32031,
        0.03125,
        0.33594,
        0.03906,
        0.34375,
        0.04688,
        0.35156,
        0.05469,
        0.35938,
        0.07031,
        0.36719,
        0.07812,
        0.38281,
        0.08594,
        0.39062,
        0.10156,
        0.39844,
        0.10156,
        0.41406,
        0.11719,
        0.42188,
        0.125,
        0.42969,
        0.13281,
        0.4375,
        0.14844,
        0.45312,
        0.15625,
        0.46094,
        0.16406,
        0.46875,
        0.17188,
        0.47656,
        0.1875,
        0.48438,
        0.19531,
        0.5,
        0.20312,
        0.50781,
        0.21875,
        0.51562,
        0.22656,
        0.53125,
        0.23438,
        0.53906,
        0.24219,
        0.54688,
        0.25,
        0.55469,
        0.26562,
        0.57031,
        0.27344,
        0.57812,
        0.28125
    ],
    "SoftwareVersions": "syngo_MR_E11",
    "SpacingBetweenSlices": 2.4,
    "StationName": "AWP67050",
    "TxRefAmp": 245.896,
    "dcmmeta_affine": [
        [
            -2.3731727600097656,
            0.07457995414733887,
            0.33436012268066406,
            100.40406036376953
        ],
        [
            0.09307524561882019,
            2.392547845840454,
            0.12719345092773438,
            -93.1716079711914
        ],
        [
            0.3293684124946594,
            -0.13873782753944397,
            2.3731918334960938,
            -67.27971649169922
        ],
        [
            0.0,
            0.0,
            0.0,
            1.0
        ]
    ],
    "dcmmeta_reorient_transform": [
        [
            0.0,
            -1.0,
            0.0,
            87.0
        ],
        [
            1.0,
            0.0,
            0.0,
            0.0
        ],
        [
            0.0,
            0.0,
            -1.0,
            59.0
        ],
        [
            0.0,
            0.0,
            0.0,
            1.0
        ]
    ],
    "dcmmeta_shape": [
        88,
        88,
        60
    ],
    "dcmmeta_slice_dim": 2,
    "dcmmeta_version": 0.6,
    "global": {
        "const": {
            "AcquisitionMatrix": [
                88,
                0,
                0,
                88
            ],
            "AcquisitionNumber": 1,
            "AngioFlag": "N",
            "BitsAllocated": 16,
            "BitsStored": 12,
            "BodyPartExamined": "BRAIN",
            "Columns": 88,
            "DeidentificationMethodCodeSequence": [
                {
                    "CodeMeaning": "XNAT DicomEdit 6 Script",
                    "CodeValue": "3",
                    "CodingSchemeDesignator": "XNAT",
                    "CodingSchemeVersion": "1.0"
                }
            ],
            "EchoNumbers": 2,
            "EchoTime": 7.38,
            "EchoTrainLength": 0,
            "FlipAngle": 60.0,
            "HighBit": 11,
            "ImageOrientationPatient": [
                0.98975930592974,
                -0.0388181108569,
                0.13736691958029,
                0.03110443584109,
                0.99783990564362,
                0.05786222235741
            ],
            "ImageType": [
                "ORIGINAL",
                "PRIMARY",
                "P",
                "ND"
            ],
            "ImagedNucleus": "1H",
            "ImagingFrequency": 123.250757,
            "InPlanePhaseEncodingDirection": "COL",
            "MRAcquisitionType": "2D",
            "MagneticFieldStrength": 3.0,
            "Manufacturer": "SIEMENS",
            "ManufacturerModelName": "Prisma_fit",
            "Modality": "MR",
            "NumberOfAverages": 1.0,
            "NumberOfPhaseEncodingSteps": 88,
            "PercentPhaseFieldOfView": 100.0,
            "PercentSampling": 100.0,
            "PerformedProcedureStepStartTime": "104915.366000",
            "PhotometricInterpretation": "MONOCHROME2",
            "PixelBandwidth": 600.0,
            "PixelRepresentation": 0,
            "PixelSpacing": [
                2.3977272510529,
                2.3977272510529
            ],
            "ProtocolName": "fmap_acq-greAP",
            "RepetitionTime": 588.0,
            "RescaleIntercept": -4096.0,
            "RescaleSlope": 2.0,
            "RescaleType": "US",
            "Rows": 88,
            "SAR": 0.11701211172239,
            "SamplesPerPixel": 1,
            "ScanningSequence": "GR",
            "SequenceName": "*fm2d2r",
            "SequenceVariant": "SP",
            "SeriesDescription": "fmap_acq-greAP",
            "SeriesNumber": 22,
            "SeriesTime": "123854.923000",
            "SliceThickness": 2.4000000953674,
            "SoftwareVersions": "syngo MR E11",
            "SpacingBetweenSlices": 2.4,
            "SpecificCharacterSet": "ISO_IR 100",
            "StudyID": "1",
            "StudyTime": "104915.286000",
            "TransmitCoilName": "Body",
            "VariableFlipAngleFlag": "N",
            "WindowCenterWidthExplanation": "Algo1",
            "dBdt": 0.0
        },
