{
    "AcquisitionMatrixPE": 88,
    "AcquisitionNumber": 1,
    "AcquisitionTime": "13:04:43.167500",
    "BaseResolution": 88,
    "BodyPartExamined": "BRAIN",
    "ConsistencyInfo": "N4_VE11C_LATEST_20160120",
    "ConversionSoftware": "dcm2niix",
    "ConversionSoftwareVersion": "v1.0.20190902",
    "DeviceSerialNumber": "67050",
    "DwellTime": 9.5e-06,
    "EchoNumber": 2,
    "EchoTime": 0.00738,
    "EchoTime1": 0.00492,
    "EchoTime2": 0.00738,
    "FlipAngle": 60,
    "ImageOrientationPatientDICOM": [
        0.999397,
        0.0218734,
        0.0269561,
        -0.01727,
        0.986882,
        -0.160516
    ],
    "ImageType": [
        "ORIGINAL",
        "PRIMARY",
        "P",
        "ND"
    ],
    "ImagingFrequency": 123.251,
    "InPlanePhaseEncodingDirectionDICOM": "COL",
    "InstitutionAddress": "Olive_Street_60_Providence_RI_US_02912",
    "InstitutionName": "BROWN_UNIVERSITY_MRF",
    "InstitutionalDepartmentName": "Department",
    "IntendedFor": [
        "ses-01/func/sub-8012_ses-01_task-RDMcolor_run-05_bold.nii.gz",
        "ses-01/func/sub-8012_ses-01_task-RDMmotion_run-06_bold.nii.gz",
        "ses-01/func/sub-8012_ses-01_task-RDMlocalizer_run-01_bold.nii.gz",
        "ses-01/func/sub-8012_ses-01_task-RDMlocalizer_run-02_bold.nii.gz",
        "ses-01/func/sub-8012_ses-01_task-RDMmotion_run-03_bold.nii.gz",
        "ses-01/func/sub-8012_ses-01_task-RDMcolor_run-03_bold.nii.gz",
        "ses-01/func/sub-8012_ses-01_task-RDMmotion_run-02_bold.nii.gz",
        "ses-01/func/sub-8012_ses-01_task-RDMcolor_run-04_bold.nii.gz",
        "ses-01/func/sub-8012_ses-01_task-RDMmotion_run-05_bold.nii.gz",
        "ses-01/func/sub-8012_ses-01_task-RDMmotion_run-01_bold.nii.gz",
        "ses-01/func/sub-8012_ses-01_task-RDMcolor_run-02_bold.nii.gz",
        "ses-01/func/sub-8012_ses-01_task-RDMcolor_run-06_bold.nii.gz",
        "ses-01/func/sub-8012_ses-01_task-RDMcolor_run-01_bold.nii.gz",
        "ses-01/func/sub-8012_ses-01_task-RDMmotion_run-04_bold.nii.gz"
    ],
    "MRAcquisitionType": "2D",
    "MagneticFieldStrength": 3,
    "Manufacturer": "Siemens",
    "ManufacturersModelName": "Prisma_fit",
    "Modality": "MR",
    "PartialFourier": 1,
    "PatientPosition": "HFS",
    "PercentPhaseFOV": 100,
    "PhaseEncodingDirection": "j-",
    "PhaseEncodingSteps": 88,
    "PhaseResolution": 1,
    "PixelBandwidth": 600,
    "ProcedureStepDescription": "ASHENHAV_1222",
    "ProtocolName": "fmap_acq-greAP",
    "PulseSequenceDetails": "%SiemensSeq%_gre_field_mapping",
    "ReceiveCoilActiveElements": "HC1-7",
    "ReceiveCoilName": "HeadNeck_64",
    "ReconMatrixPE": 88,
    "RepetitionTime": 0.588,
    "SAR": 0.118617,
    "ScanningSequence": "GR",
    "SequenceName": "_fm2d2r",
    "SequenceVariant": "SP",
    "SeriesDescription": "fmap_acq-greAP",
    "SeriesNumber": 22,
    "ShimSetting": [
        1767,
        -9057,
        4450,
        426,
        -56,
        -141,
        -82,
        20
    ],
    "SliceThickness": 2.4,
    "SliceTiming": [
        0.28906,
        0,
        0.30469,
        0.00781,
        0.3125,
        0.01562,
        0.32031,
        0.03125,
        0.33594,
        0.03906,
        0.34375,
        0.04688,
        0.35156,
        0.05469,
        0.35938,
        0.07031,
        0.36719,
        0.07812,
        0.38281,
        0.08594,
        0.39062,
        0.09375,
        0.39844,
        0.10156,
        0.40625,
        0.11719,
        0.42188,
        0.125,
        0.42969,
        0.13281,
        0.4375,
        0.14844,
        0.45312,
        0.15625,
        0.46094,
        0.16406,
        0.46875,
        0.17188,
        0.47656,
        0.1875,
        0.48438,
        0.19531,
        0.5,
        0.20312,
        0.50781,
        0.21094,
        0.51562,
        0.21875,
        0.53125,
        0.23438,
        0.53906,
        0.24219,
        0.54688,
        0.25,
        0.55469,
        0.26562,
        0.57031,
        0.27344,
        0.57812,
        0.28125
    ],
    "SoftwareVersions": "syngo_MR_E11",
    "SpacingBetweenSlices": 2.4,
    "StationName": "AWP67050",
    "TxRefAmp": 218.178,
    "dcmmeta_affine": [
        [
            -2.396282196044922,
            -0.04140875115990639,
            0.07227230072021484,
            111.23785400390625
        ],
        [
            -0.052446503192186356,
            2.366274118423462,
            -0.38389015197753906,
            -85.96453857421875
        ],
        [
            0.06463337689638138,
            0.3848746716976166,
            2.3679962158203125,
            -72.75829315185547
        ],
        [
            0.0,
            0.0,
            0.0,
            1.0
        ]
    ],
    "dcmmeta_reorient_transform": [
        [
            0.0,
            -1.0,
            0.0,
            87.0
        ],
        [
            1.0,
            0.0,
            0.0,
            0.0
        ],
        [
            0.0,
            0.0,
            -1.0,
            59.0
        ],
        [
            0.0,
            0.0,
            0.0,
            1.0
        ]
    ],
    "dcmmeta_shape": [
        88,
        88,
        60
    ],
    "dcmmeta_slice_dim": 2,
    "dcmmeta_version": 0.6,
    "global": {
        "const": {
            "AcquisitionMatrix": [
                88,
                0,
                0,
                88
            ],
            "AcquisitionNumber": 1,
            "AngioFlag": "N",
            "BitsAllocated": 16,
            "BitsStored": 12,
            "BodyPartExamined": "BRAIN",
            "Columns": 88,
            "DeidentificationMethodCodeSequence": [
                {
                    "CodeMeaning": "XNAT DicomEdit 6 Script",
                    "CodeValue": "3",
                    "CodingSchemeDesignator": "XNAT",
                    "CodingSchemeVersion": "1.0"
                }
            ],
            "EchoNumbers": 2,
            "EchoTime": 7.38,
            "EchoTrainLength": 0,
            "FlipAngle": 60.0,
            "HighBit": 11,
            "ImageOrientationPatient": [
                0.99939727939297,
                0.02187342270366,
                0.02695609988773,
                -0.0172700002676,
                0.98688206869124,
                -0.1605164464672
            ],
            "ImageType": [
                "ORIGINAL",
                "PRIMARY",
                "P",
                "ND"
            ],
            "ImagedNucleus": "1H",
            "ImagingFrequency": 123.250526,
            "InPlanePhaseEncodingDirection": "COL",
            "MRAcquisitionType": "2D",
            "MagneticFieldStrength": 3.0,
            "Manufacturer": "SIEMENS",
            "ManufacturerModelName": "Prisma_fit",
            "Modality": "MR",
            "NumberOfAverages": 1.0,
            "NumberOfPhaseEncodingSteps": 88,
            "PercentPhaseFieldOfView": 100.0,
            "PercentSampling": 100.0,
            "PerformedProcedureStepStartTime": "112439.776000",
            "PhotometricInterpretation": "MONOCHROME2",
            "PixelBandwidth": 600.0,
            "PixelRepresentation": 0,
            "PixelSpacing": [
                2.3977272510529,
                2.3977272510529
            ],
            "ProtocolName": "fmap_acq-greAP",
            "RepetitionTime": 588.0,
            "RescaleIntercept": -4096.0,
            "RescaleSlope": 2.0,
            "RescaleType": "US",
            "Rows": 88,
            "SAR": 0.1186167215629,
            "SamplesPerPixel": 1,
            "ScanningSequence": "GR",
            "SequenceName": "*fm2d2r",
            "SequenceVariant": "SP",
            "SeriesDescription": "fmap_acq-greAP",
            "SeriesNumber": 22,
            "SeriesTime": "130626.788000",
            "SliceThickness": 2.4000000953674,
            "SoftwareVersions": "syngo MR E11",
            "SpacingBetweenSlices": 2.4,
            "SpecificCharacterSet": "ISO_IR 100",
            "StudyID": "1",
            "StudyTime": "112439.701000",
            "TransmitCoilName": "Body",
            "VariableFlipAngleFlag": "N",
            "WindowCenterWidthExplanation": "Algo1",
            "dBdt": 0.0
        },
