{
    "AcquisitionMatrixPE": 88,
    "AcquisitionNumber": 1,
    "AcquisitionTime": "10:38:12.102500",
    "BaseResolution": 88,
    "BodyPartExamined": "BRAIN",
    "ConsistencyInfo": "N4_VE11C_LATEST_20160120",
    "ConversionSoftware": "dcm2niix",
    "ConversionSoftwareVersion": "v1.0.20190902",
    "DeviceSerialNumber": "67050",
    "DwellTime": 9.5e-06,
    "EchoNumber": 2,
    "EchoTime": 0.00738,
    "EchoTime1": 0.00492,
    "EchoTime2": 0.00738,
    "FlipAngle": 60,
    "ImageOrientationPatientDICOM": [
        0.990415,
        0.0482745,
        0.129412,
        -0.0195358,
        0.976475,
        -0.214743
    ],
    "ImageType": [
        "ORIGINAL",
        "PRIMARY",
        "P",
        "ND"
    ],
    "ImagingFrequency": 123.251,
    "InPlanePhaseEncodingDirectionDICOM": "COL",
    "InstitutionAddress": "Olive_Street_60_Providence_RI_US_02912",
    "InstitutionName": "BROWN_UNIVERSITY_MRF",
    "InstitutionalDepartmentName": "Department",
    "IntendedFor": [
        "ses-01/func/sub-8016_ses-01_task-RDMcolor_run-01_bold.nii.gz",
        "ses-01/func/sub-8016_ses-01_task-RDMcolor_run-03_bold.nii.gz",
        "ses-01/func/sub-8016_ses-01_task-RDMlocalizer_run-02_bold.nii.gz",
        "ses-01/func/sub-8016_ses-01_task-RDMlocalizer_run-01_bold.nii.gz",
        "ses-01/func/sub-8016_ses-01_task-RDMmotion_run-04_bold.nii.gz",
        "ses-01/func/sub-8016_ses-01_task-RDMmotion_run-02_bold.nii.gz",
        "ses-01/func/sub-8016_ses-01_task-RDMmotion_run-05_bold.nii.gz",
        "ses-01/func/sub-8016_ses-01_task-RDMmotion_run-03_bold.nii.gz",
        "ses-01/func/sub-8016_ses-01_task-RDMmotion_run-06_bold.nii.gz",
        "ses-01/func/sub-8016_ses-01_task-RDMcolor_run-06_bold.nii.gz",
        "ses-01/func/sub-8016_ses-01_task-RDMcolor_run-05_bold.nii.gz",
        "ses-01/func/sub-8016_ses-01_task-RDMcolor_run-02_bold.nii.gz",
        "ses-01/func/sub-8016_ses-01_task-RDMmotion_run-01_bold.nii.gz",
        "ses-01/func/sub-8016_ses-01_task-RDMcolor_run-04_bold.nii.gz"
    ],
    "MRAcquisitionType": "2D",
    "MagneticFieldStrength": 3,
    "Manufacturer": "Siemens",
    "ManufacturersModelName": "Prisma_fit",
    "Modality": "MR",
    "PartialFourier": 1,
    "PatientPosition": "HFS",
    "PercentPhaseFOV": 100,
    "PhaseEncodingDirection": "j-",
    "PhaseEncodingSteps": 88,
    "PhaseResolution": 1,
    "PixelBandwidth": 600,
    "ProcedureStepDescription": "ASHENHAV_1222",
    "ProtocolName": "fmap_acq-greAP",
    "PulseSequenceDetails": "%SiemensSeq%_gre_field_mapping",
    "ReceiveCoilActiveElements": "HC1-7;NC1",
    "ReceiveCoilName": "HeadNeck_64",
    "ReconMatrixPE": 88,
    "RepetitionTime": 0.588,
    "SAR": 0.115755,
    "ScanningSequence": "GR",
    "SequenceName": "_fm2d2r",
    "SequenceVariant": "SP",
    "SeriesDescription": "fmap_acq-greAP",
    "SeriesNumber": 22,
    "ShimSetting": [
        1784,
        -9082,
        4397,
        354,
        -52,
        -216,
        -82,
        34
    ],
    "SliceThickness": 2.4,
    "SliceTiming": [
        0.29688,
        0,
        0.30469,
        0.01562,
        0.32031,
        0.02344,
        0.32812,
        0.03125,
        0.33594,
        0.03906,
        0.34375,
        0.05469,
        0.35156,
        0.0625,
        0.36719,
        0.07031,
        0.375,
        0.08594,
        0.38281,
        0.09375,
        0.39844,
        0.10156,
        0.40625,
        0.10938,
        0.41406,
        0.11719,
        0.42188,
        0.13281,
        0.4375,
        0.14062,
        0.44531,
        0.14844,
        0.45312,
        0.16406,
        0.46875,
        0.17188,
        0.47656,
        0.17969,
        0.48438,
        0.1875,
        0.49219,
        0.20312,
        0.5,
        0.21094,
        0.51562,
        0.21875,
        0.52344,
        0.22656,
        0.53125,
        0.23438,
        0.53906,
        0.25,
        0.55469,
        0.25781,
        0.5625,
        0.26562,
        0.57031,
        0.28125,
        0.58594,
        0.28906
    ],
    "SoftwareVersions": "syngo_MR_E11",
    "SpacingBetweenSlices": 2.4,
    "StationName": "AWP67050",
    "TxRefAmp": 237.486,
    "dcmmeta_affine": [
        [
            -2.3747453689575195,
            -0.04684140905737877,
            0.32816123962402344,
            102.71402740478516
        ],
        [
            -0.11574900150299072,
            2.3413212299346924,
            -0.5043754577636719,
            -74.62838745117188
        ],
        [
            0.3102946877479553,
            0.514894962310791,
            2.323333740234375,
            -101.26985931396484
        ],
        [
            0.0,
            0.0,
            0.0,
            1.0
        ]
    ],
    "dcmmeta_reorient_transform": [
        [
            0.0,
            -1.0,
            0.0,
            87.0
        ],
        [
            1.0,
            0.0,
            0.0,
            0.0
        ],
        [
            0.0,
            0.0,
            -1.0,
            59.0
        ],
        [
            0.0,
            0.0,
            0.0,
            1.0
        ]
    ],
    "dcmmeta_shape": [
        88,
        88,
        60
    ],
    "dcmmeta_slice_dim": 2,
    "dcmmeta_version": 0.6,
    "global": {
        "const": {
            "AcquisitionMatrix": [
                88,
                0,
                0,
                88
            ],
            "AcquisitionNumber": 1,
            "AngioFlag": "N",
            "BitsAllocated": 16,
            "BitsStored": 12,
            "BodyPartExamined": "BRAIN",
            "Columns": 88,
            "DeidentificationMethodCodeSequence": [
                {
                    "CodeMeaning": "XNAT DicomEdit 6 Script",
                    "CodeValue": "3",
                    "CodingSchemeDesignator": "XNAT",
                    "CodingSchemeVersion": "1.0"
                }
            ],
            "EchoNumbers": 2,
            "EchoTime": 7.38,
            "EchoTrainLength": 0,
            "FlipAngle": 60.0,
            "HighBit": 11,
            "ImageOrientationPatient": [
                0.99041511991326,
                0.04827446440942,
                0.12941200227642,
                -0.0195357542409,
                0.97647520829839,
                -0.2147429204534
            ],
            "ImageType": [
                "ORIGINAL",
                "PRIMARY",
                "P",
                "ND"
            ],
            "ImagedNucleus": "1H",
            "ImagingFrequency": 123.250694,
            "InPlanePhaseEncodingDirection": "COL",
            "MRAcquisitionType": "2D",
            "MagneticFieldStrength": 3.0,
            "Manufacturer": "SIEMENS",
            "ManufacturerModelName": "Prisma_fit",
            "Modality": "MR",
            "NumberOfAverages": 1.0,
            "NumberOfPhaseEncodingSteps": 88,
            "PercentPhaseFieldOfView": 100.0,
            "PercentSampling": 100.0,
            "PerformedProcedureStepStartTime": "084626.598000",
            "PhotometricInterpretation": "MONOCHROME2",
            "PixelBandwidth": 600.0,
            "PixelRepresentation": 0,
            "PixelSpacing": [
                2.3977272510529,
                2.3977272510529
            ],
            "ProtocolName": "fmap_acq-greAP",
            "RepetitionTime": 588.0,
            "RescaleIntercept": -4096.0,
            "RescaleSlope": 2.0,
            "RescaleType": "US",
            "Rows": 88,
            "SAR": 0.11575473304271,
            "SamplesPerPixel": 1,
            "ScanningSequence": "GR",
            "SequenceName": "*fm2d2r",
            "SequenceVariant": "SP",
            "SeriesDescription": "fmap_acq-greAP",
            "SeriesNumber": 22,
            "SeriesTime": "103955.898000",
            "SliceThickness": 2.4000000953674,
            "SoftwareVersions": "syngo MR E11",
            "SpacingBetweenSlices": 2.4,
            "SpecificCharacterSet": "ISO_IR 100",
            "StudyID": "1",
            "StudyTime": "084626.370000",
            "TransmitCoilName": "Body",
            "VariableFlipAngleFlag": "N",
            "WindowCenterWidthExplanation": "Algo1",
            "dBdt": 0.0
        },
