{
    "AcquisitionMatrixPE": 88,
    "AcquisitionNumber": 1,
    "AcquisitionTime": "10:50:17.990000",
    "BaseResolution": 88,
    "BodyPartExamined": "BRAIN",
    "ConsistencyInfo": "N4_VE11C_LATEST_20160120",
    "ConversionSoftware": "dcm2niix",
    "ConversionSoftwareVersion": "v1.0.20190902",
    "DeviceSerialNumber": "67050",
    "DwellTime": 9.5e-06,
    "EchoNumber": 2,
    "EchoTime": 0.00738,
    "EchoTime1": 0.00492,
    "EchoTime2": 0.00738,
    "FlipAngle": 60,
    "ImageOrientationPatientDICOM": [
        0.996547,
        -0.0792897,
        -0.0246345,
        0.0819311,
        0.987174,
        0.137021
    ],
    "ImageType": [
        "ORIGINAL",
        "PRIMARY",
        "P",
        "ND"
    ],
    "ImagingFrequency": 123.251,
    "InPlanePhaseEncodingDirectionDICOM": "COL",
    "InstitutionAddress": "Olive_Street_60_Providence_RI_US_02912",
    "InstitutionName": "BROWN_UNIVERSITY_MRF",
    "InstitutionalDepartmentName": "Department",
    "IntendedFor": [
        "ses-01/func/sub-8004_ses-01_task-RDMmotion_run-05_bold.nii.gz",
        "ses-01/func/sub-8004_ses-01_task-RDMlocalizer_run-01_bold.nii.gz",
        "ses-01/func/sub-8004_ses-01_task-RDMmotion_run-06_bold.nii.gz",
        "ses-01/func/sub-8004_ses-01_task-RDMcolor_run-03_bold.nii.gz",
        "ses-01/func/sub-8004_ses-01_task-RDMcolor_run-06_bold.nii.gz",
        "ses-01/func/sub-8004_ses-01_task-RDMcolor_run-05_bold.nii.gz",
        "ses-01/func/sub-8004_ses-01_task-RDMmotion_run-01_bold.nii.gz",
        "ses-01/func/sub-8004_ses-01_task-RDMcolor_run-01_bold.nii.gz",
        "ses-01/func/sub-8004_ses-01_task-RDMmotion_run-04_bold.nii.gz",
        "ses-01/func/sub-8004_ses-01_task-RDMcolor_run-02_bold.nii.gz",
        "ses-01/func/sub-8004_ses-01_task-RDMmotion_run-03_bold.nii.gz",
        "ses-01/func/sub-8004_ses-01_task-RDMcolor_run-04_bold.nii.gz",
        "ses-01/func/sub-8004_ses-01_task-RDMmotion_run-02_bold.nii.gz",
        "ses-01/func/sub-8004_ses-01_task-RDMlocalizer_run-02_bold.nii.gz"
    ],
    "MRAcquisitionType": "2D",
    "MagneticFieldStrength": 3,
    "Manufacturer": "Siemens",
    "ManufacturersModelName": "Prisma_fit",
    "Modality": "MR",
    "PartialFourier": 1,
    "PatientPosition": "HFS",
    "PercentPhaseFOV": 100,
    "PhaseEncodingDirection": "j-",
    "PhaseEncodingSteps": 88,
    "PhaseResolution": 1,
    "PixelBandwidth": 600,
    "ProcedureStepDescription": "ASHENHAV_1222",
    "ProtocolName": "fmap_acq-greAP",
    "PulseSequenceDetails": "%SiemensSeq%_gre_field_mapping",
    "ReceiveCoilActiveElements": "HC1-7;NC1",
    "ReceiveCoilName": "HeadNeck_64",
    "ReconMatrixPE": 88,
    "RepetitionTime": 0.588,
    "SAR": 0.101102,
    "ScanningSequence": "GR",
    "SequenceName": "_fm2d2r",
    "SequenceVariant": "SP",
    "SeriesDescription": "fmap_acq-greAP",
    "SeriesNumber": 23,
    "ShimSetting": [
        1740,
        -9175,
        4427,
        559,
        -64,
        -420,
        144,
        77
    ],
    "SliceThickness": 2.4,
    "SliceTiming": [
        0.29688,
        0,
        0.30469,
        0.00781,
        0.3125,
        0.02344,
        0.32812,
        0.03125,
        0.33594,
        0.03906,
        0.34375,
        0.04688,
        0.35156,
        0.0625,
        0.36719,
        0.07031,
        0.375,
        0.07812,
        0.38281,
        0.08594,
        0.39062,
        0.10156,
        0.39844,
        0.10938,
        0.41406,
        0.11719,
        0.42188,
        0.125,
        0.42969,
        0.14062,
        0.44531,
        0.14844,
        0.45312,
        0.15625,
        0.46094,
        0.16406,
        0.46875,
        0.17969,
        0.48438,
        0.1875,
        0.49219,
        0.19531,
        0.5,
        0.21094,
        0.50781,
        0.21875,
        0.52344,
        0.22656,
        0.53125,
        0.23438,
        0.53906,
        0.24219,
        0.54688,
        0.25781,
        0.5625,
        0.26562,
        0.57031,
        0.27344,
        0.57812,
        0.28125
    ],
    "SoftwareVersions": "syngo_MR_E11",
    "SpacingBetweenSlices": 2.4,
    "StationName": "AWP67050",
    "TxRefAmp": 214.526,
    "dcmmeta_affine": [
        [
            -2.389448404312134,
            0.19644832611083984,
            -0.032289981842041016,
            98.03809356689453
        ],
        [
            0.1901150643825531,
            2.366974115371704,
            0.33255958557128906,
            -105.73056030273438
        ],
        [
            -0.059066735208034515,
            -0.3285385072231293,
            2.3766250610351562,
            -44.29299545288086
        ],
        [
            0.0,
            0.0,
            0.0,
            1.0
        ]
    ],
    "dcmmeta_reorient_transform": [
        [
            0.0,
            -1.0,
            0.0,
            87.0
        ],
        [
            1.0,
            0.0,
            0.0,
            0.0
        ],
        [
            0.0,
            0.0,
            -1.0,
            59.0
        ],
        [
            0.0,
            0.0,
            0.0,
            1.0
        ]
    ],
    "dcmmeta_shape": [
        88,
        88,
        60
    ],
    "dcmmeta_slice_dim": 2,
    "dcmmeta_version": 0.6,
    "global": {
        "const": {
            "AcquisitionMatrix": [
                88,
                0,
                0,
                88
            ],
            "AcquisitionNumber": 1,
            "AngioFlag": "N",
            "BitsAllocated": 16,
            "BitsStored": 12,
            "BodyPartExamined": "BRAIN",
            "Columns": 88,
            "DeidentificationMethodCodeSequence": [
                {
                    "CodeMeaning": "XNAT DicomEdit 6 Script",
                    "CodeValue": "3",
                    "CodingSchemeDesignator": "XNAT",
                    "CodingSchemeVersion": "1.0"
                }
            ],
            "EchoNumbers": 2,
            "EchoTime": 7.38,
            "EchoTrainLength": 0,
            "FlipAngle": 60.0,
            "HighBit": 11,
            "ImageOrientationPatient": [
                0.99654718259687,
                -0.0792896957185,
                -0.0246344679489,
                0.08193105740396,
                0.98717404875132,
                0.13702079880293
            ],
            "ImageType": [
                "ORIGINAL",
                "PRIMARY",
                "P",
                "ND"
            ],
            "ImagedNucleus": "1H",
            "ImagingFrequency": 123.250644,
            "InPlanePhaseEncodingDirection": "COL",
            "MRAcquisitionType": "2D",
            "MagneticFieldStrength": 3.0,
            "Manufacturer": "SIEMENS",
            "ManufacturerModelName": "Prisma_fit",
            "Modality": "MR",
            "NumberOfAverages": 1.0,
            "NumberOfPhaseEncodingSteps": 88,
            "PercentPhaseFieldOfView": 100.0,
            "PercentSampling": 100.0,
            "PerformedProcedureStepStartTime": "091550.092000",
            "PhotometricInterpretation": "MONOCHROME2",
            "PixelBandwidth": 600.0,
            "PixelRepresentation": 0,
            "PixelSpacing": [
                2.3977272510529,
                2.3977272510529
            ],
            "ProtocolName": "fmap_acq-greAP",
            "RepetitionTime": 588.0,
            "RescaleIntercept": -4096.0,
            "RescaleSlope": 2.0,
            "RescaleType": "US",
            "Rows": 88,
            "SAR": 0.10110214183969,
            "SamplesPerPixel": 1,
            "ScanningSequence": "GR",
            "SequenceName": "*fm2d2r",
            "SequenceVariant": "SP",
            "SeriesDescription": "fmap_acq-greAP",
            "SeriesNumber": 23,
            "SeriesTime": "105201.704000",
            "SliceThickness": 2.4000000953674,
            "SoftwareVersions": "syngo MR E11",
            "SpacingBetweenSlices": 2.4,
            "SpecificCharacterSet": "ISO_IR 100",
            "StudyID": "1",
            "StudyTime": "091549.905000",
            "TransmitCoilName": "Body",
            "VariableFlipAngleFlag": "N",
            "WindowCenterWidthExplanation": "Algo1",
            "dBdt": 0.0
        },
